GEM
  remote: http://rubygems.org/
  specs:
    diff-lcs (1.2.5)
    highline (1.6.1)
    rspec (2.14.1)
      rspec-core (~> 2.14.0)
      rspec-expectations (~> 2.14.0)
      rspec-mocks (~> 2.14.0)
    rspec-core (2.14.7)
    rspec-expectations (2.14.5)
      diff-lcs (>= 1.1.3, < 2.0)
    rspec-mocks (2.14.6)
    ruby-termios (0.9.6)

PLATFORMS
  ruby

DEPENDENCIES
  highline (= 1.6.1)
  rspec
  ruby-termios (~> 0.9)
