GEM
  remote: http://rubygems.org/
  specs:
    highline (1.6.1)
    ruby-termios (0.9.6)

PLATFORMS
  ruby

DEPENDENCIES
  highline (= 1.6.1)
  ruby-termios (~> 0.9)
